GEM
  remote: https://rubygems.org/
  specs:
    bcrypt-ruby (3.1.2)
    builder (3.2.2)
    jwt (0.1.8)
      multi_json (>= 1.5)
    mime-types (2.0)
    multi_json (1.8.2)
    newrelic_rpm (3.6.9.171)
    pg (0.17.0)
    rack (1.5.2)
    rack-protection (1.5.1)
      rack
    rack_csrf (2.4.0)
      rack (>= 0.9)
    rest-client (1.6.7)
      mime-types (>= 1.16)
    sequel (4.4.0)
    sequel_secure_password (0.2.3)
      bcrypt-ruby (>= 3.1, < 4.0)
      sequel (>= 4.1.0, < 5.0)
    sinatra (1.4.4)
      rack (~> 1.4)
      rack-protection (~> 1.4)
      tilt (~> 1.3, >= 1.3.4)
    tilt (1.4.1)
    twilio-ruby (3.11.4)
      builder (>= 2.1.2)
      jwt (>= 0.1.2)
      multi_json (>= 1.3.0)

PLATFORMS
  ruby

DEPENDENCIES
  newrelic_rpm
  pg
  rack_csrf
  rest-client
  sequel
  sequel_secure_password
  sinatra
  twilio-ruby
